PATH
  remote: .
  specs:
    dialekt (0.1.0)
      docile (~> 1.3.5)
      dry-inflector (~> 0.2)
      zeitwerk (~> 2.3)

GEM
  remote: https://rubygems.org/
  specs:
    ansi (1.5.0)
    ast (2.4.2)
    brass (1.2.1)
    calificador (0.2.0)
      minitest (~> 5.14)
      zeitwerk (~> 2.3)
    debase (0.2.4.1)
      debase-ruby_core_source (>= 0.10.2)
    debase-ruby_core_source (0.10.12)
    docile (1.3.5)
    dry-inflector (0.2.0)
    minitest (5.14.4)
    parallel (1.20.1)
    parser (3.0.0.0)
      ast (~> 2.4.1)
    qed (2.9.2)
      ansi
      brass
    rainbow (3.0.0)
    rake (13.0.3)
    regexp_parser (2.1.1)
    rexml (3.2.4)
    rubocop (1.11.0)
      parallel (~> 1.10)
      parser (>= 3.0.0.0)
      rainbow (>= 2.2.2, < 4.0)
      regexp_parser (>= 1.8, < 3.0)
      rexml
      rubocop-ast (>= 1.2.0, < 2.0)
      ruby-progressbar (~> 1.7)
      unicode-display_width (>= 1.4.0, < 3.0)
    rubocop-ast (1.4.1)
      parser (>= 2.7.1.5)
    rubocop-minitest (0.10.3)
      rubocop (>= 0.87, < 2.0)
    rubocop-rake (0.5.1)
      rubocop
    ruby-debug-ide (0.7.2)
      rake (>= 0.8.1)
    ruby-progressbar (1.11.0)
    simplecov (0.21.2)
      docile (~> 1.1)
      simplecov-html (~> 0.11)
      simplecov_json_formatter (~> 0.1)
    simplecov-html (0.12.3)
    simplecov_json_formatter (0.1.2)
    unicode-display_width (2.0.0)
    yard (0.9.26)
    zeitwerk (2.4.2)

PLATFORMS
  x86_64-darwin-19

DEPENDENCIES
  bundler (~> 2.1)
  calificador (~> 0.2.0)
  debase (~> 0.2)
  dialekt!
  minitest (~> 5.14)
  qed (~> 2.9)
  rake (~> 13.0)
  rubocop (~> 1.6)
  rubocop-minitest (~> 0.10)
  rubocop-rake (~> 0.5)
  ruby-debug-ide (~> 0.7)
  simplecov (~> 0.18)
  yard (~> 0.9)

BUNDLED WITH
   2.2.5
